GEM
  remote: https://rubygems.org/
  specs:
    geocoder (1.1.8)
    hashie (2.0.3)
    json (1.7.7)

PLATFORMS
  ruby

DEPENDENCIES
  geocoder
  hashie
  json
