GEM
  remote: https://rubygems.org/
  specs:
    activemodel (3.2.13)
      activesupport (= 3.2.13)
      builder (~> 3.0.0)
    activesupport (3.2.13)
      i18n (= 0.6.1)
      multi_json (~> 1.0)
    bson (1.8.6)
    bson_ext (1.8.6)
      bson (~> 1.8.6)
    builder (3.0.4)
    geocoder (1.1.8)
    hashie (2.0.5)
    i18n (0.6.1)
    json (1.8.0)
    mongo (1.8.6)
      bson (~> 1.8.6)
    mongo_mapper (0.12.0)
      activemodel (~> 3.0)
      activesupport (~> 3.0)
      plucky (~> 0.5.2)
    multi_json (1.7.3)
    plucky (0.5.2)
      mongo (~> 1.5)

PLATFORMS
  ruby

DEPENDENCIES
  bson_ext
  geocoder
  hashie
  json
  mongo_mapper
